GIT
  remote: git://github.com/molybdenum-99/reality.git
  revision: fd17c6b786e23ca58d532cfcf37103864da1ea07
  branch: iruby
  specs:
    reality (0.0.4)
      geokit
      hashie
      infoboxer (>= 0.2.4)
      open-weather
      quandl
      ruby-sun-times
      time_boots
      timezone (>= 0.99.0)
      tzinfo

GIT
  remote: git://github.com/sinatra/sinatra.git
  revision: 5e9e23621c1f6abbd793b46452cb11ae8ca1277e
  specs:
    sinatra (2.0.0.pre.alpha)
      mustermann (~> 0.4)
      rack (= 2.0.0.rc1)
      rack-protection (~> 1.5)
      tilt (~> 2.0)

GEM
  remote: https://rubygems.org/
  specs:
    activesupport (4.2.6)
      i18n (~> 0.7)
      json (~> 1.7, >= 1.7.7)
      minitest (~> 5.1)
      thread_safe (~> 0.3, >= 0.3.4)
      tzinfo (~> 1.1)
    addressable (2.4.0)
    backports (3.6.8)
    concurrent-ruby (1.0.2)
    connection_pool (2.2.0)
    domain_name (0.5.20160310)
      unf (>= 0.0.5, < 1.0.0)
    faraday (0.9.2)
      multipart-post (>= 1.2, < 3)
    faraday_middleware (0.10.0)
      faraday (>= 0.7.4, < 0.10)
    foreman (0.82.0)
      thor (~> 0.19.1)
    geokit (1.10.0)
    hashie (3.4.4)
    htmlentities (4.3.4)
    http-cookie (1.0.2)
      domain_name (~> 0.5)
    httpclient (2.8.0)
    i18n (0.7.0)
    infoboxer (0.2.4)
      addressable
      backports
      htmlentities
      mediawiktory (>= 0.0.2)
      procme
      terminal-table
    json (1.8.3)
    mediawiktory (0.0.2)
      addressable
      faraday
      faraday_middleware
      hashie
    mime-types (2.99.2)
    minitest (5.9.0)
    multi_json (1.12.1)
    multipart-post (2.0.0)
    mustermann (0.4.0)
      tool (~> 0.2)
    netrc (0.11.0)
    open-weather (0.12.0)
      json (~> 1)
    procme (0.0.3)
    puma (3.4.0)
    pusher (1.1.0)
      httpclient (~> 2.7)
      multi_json (~> 1.0)
      pusher-signature (~> 0.1.8)
    pusher-signature (0.1.8)
    quandl (1.0.3)
      activesupport (>= 4.2.3)
      json (~> 1.8.3)
      rest-client (~> 1.8.0)
    rack (2.0.0.rc1)
      json
    rack-protection (1.5.3)
      rack
    rack-timeout (0.4.2)
    redis (3.3.0)
    require_all (1.3.3)
    rest-client (1.8.0)
      http-cookie (>= 1.0.2, < 2.0)
      mime-types (>= 1.16, < 3.0)
      netrc (~> 0.7)
    ruby-sun-times (0.1.5)
    sidekiq (4.1.2)
      concurrent-ruby (~> 1.0)
      connection_pool (~> 2.2, >= 2.2.0)
      redis (~> 3.2, >= 3.2.1)
    terminal-table (1.6.0)
    thor (0.19.1)
    thread_safe (0.3.5)
    tilt (2.0.5)
    time_boots (0.0.2)
    timezone (1.0.0)
    tool (0.2.3)
    tzinfo (1.2.2)
      thread_safe (~> 0.1)
    unf (0.1.4)
      unf_ext
    unf_ext (0.0.7.2)

PLATFORMS
  ruby

DEPENDENCIES
  foreman
  puma
  pusher
  rack-timeout
  reality!
  require_all
  sidekiq
  sinatra!

BUNDLED WITH
   1.11.2
